GEM
  remote: https://rubygems.org/
  specs:
    foreman (0.85.0)
      thor (~> 0.19.1)
    nio4r (2.5.2)
    puma (4.3.3)
      nio4r (~> 2.0)
    rack (1.6.12)
    rack-protection (1.5.5)
      rack
    shotgun (0.9.2)
      rack (>= 1.0)
    sinatra (1.4.8)
      rack (~> 1.5)
      rack-protection (~> 1.4)
      tilt (>= 1.3, < 3)
    thor (0.19.4)
    tilt (2.0.9)

PLATFORMS
  ruby

DEPENDENCIES
  foreman
  puma
  rack
  shotgun
  sinatra

RUBY VERSION
   ruby 2.7.1p83

BUNDLED WITH
   1.17.3
